GEM
  remote: https://rubygems.org/
  specs:
    gosu (0.15.2)
    hasu (0.1.4)
      gosu

PLATFORMS
  ruby

DEPENDENCIES
  hasu

BUNDLED WITH
   2.1.4
